GIT
  remote: git://github.com/FinGinie/omniauth-single-signon.git
  revision: 586841992b3b7804a46bf693cf31ea844d1c9160
  specs:
    omniauth_single_signon (0.0.1)
      active_attr
      haml-rails
      omniauth
      omniauth-oauth2
      rails (~> 3.2.6)
      simple_form

GIT
  remote: git://github.com/TMaYaD/nested_form.git
  revision: fc83f0c6dbe076ef6f61a9776c9c4cd06df7332e
  specs:
    nested_form (0.1.1)

GIT
  remote: git://github.com/TMaYaD/sheet_mapper.git
  revision: 8a98bd57cbe3cc292ef61a964fa41f4b99c4ebba
  specs:
    sheet_mapper (0.1.2)
      google-spreadsheet-ruby (~> 0.2.1)

GIT
  remote: git://github.com/mauriciozaffari/mongoid_search.git
  revision: 258e9b3add2f1e62807ef10ab1bb13adb093f028
  specs:
    mongoid_search (0.2.7)
      bson_ext (>= 1.2)
      fast-stemmer (~> 1.0.0)
      mongoid (>= 2.0.0)

GIT
  remote: git://github.com/plataformatec/simple_form.git
  revision: ddf2168bb5727f60fa499a0fbb515b12b9d7b117
  specs:
    simple_form (2.0.2)
      actionpack (~> 3.0)
      activemodel (~> 3.0)

GIT
  remote: git://github.com/rweng/jquery-datatables-rails.git
  revision: ba12807aad9e1519b49e0244eefdd1e744dad618
  specs:
    jquery-datatables-rails (1.10.0)
      jquery-rails

GIT
  remote: git://github.com/sankaranarayanan/active_attr.git
  revision: 206790d0548e2166676bcb587a4ee17cbfa57903
  specs:
    active_attr (0.6.0.alpha1)
      activemodel (>= 3.0.2, < 4.1)
      activesupport (>= 3.0.2, < 4.1)

PATH
  remote: engines/data_provider
  specs:
    data_provider (0.0.1)
      active_attr
      bson_ext
      feedzirra
      mongoid
      mongoid_search
      mongoid_slug
      nokogiri
      pinch
      redis
      statsd-ruby

PATH
  remote: engines/personal_financial_tools
  specs:
    personal_financial_tools (0.0.1)
      active_attr
      haml-rails
      nested_form
      rails (~> 3.2.3)
      simple_form

GEM
  remote: http://rubygems.org/
  specs:
    ParseTree (3.0.8)
      RubyInline (>= 3.7.0)
      sexp_processor (>= 3.0.0)
    RubyInline (3.11.2)
      ZenTest (~> 4.3)
    ZenTest (4.8.1)
    actionmailer (3.2.6)
      actionpack (= 3.2.6)
      mail (~> 2.4.4)
    actionpack (3.2.6)
      activemodel (= 3.2.6)
      activesupport (= 3.2.6)
      builder (~> 3.0.0)
      erubis (~> 2.7.0)
      journey (~> 1.0.1)
      rack (~> 1.4.0)
      rack-cache (~> 1.2)
      rack-test (~> 0.6.1)
      sprockets (~> 2.1.3)
    activemodel (3.2.6)
      activesupport (= 3.2.6)
      builder (~> 3.0.0)
    activerecord (3.2.6)
      activemodel (= 3.2.6)
      activesupport (= 3.2.6)
      arel (~> 3.0.2)
      tzinfo (~> 0.3.29)
    activeresource (3.2.6)
      activemodel (= 3.2.6)
      activesupport (= 3.2.6)
    activesupport (3.2.6)
      i18n (~> 0.6)
      multi_json (~> 1.0)
    addressable (2.2.8)
    airbrake (3.1.1)
      activesupport
      builder
    arel (3.0.2)
    awesome_print (1.0.2)
    bourbon (2.1.0)
      sass (>= 3.1)
    brakeman (1.5.3)
      activesupport
      erubis (~> 2.6)
      haml (~> 3.0)
      i18n
      ruby2ruby (~> 1.2)
      ruport (~> 1.6)
      sass (~> 3.0)
    bson (1.6.4)
    bson_ext (1.6.4)
      bson (~> 1.6.4)
    builder (3.0.0)
    cancan (1.6.7)
    capybara (1.1.2)
      mime-types (>= 1.16)
      nokogiri (>= 1.3.3)
      rack (>= 1.0.0)
      rack-test (>= 0.5.4)
      selenium-webdriver (~> 2.0)
      xpath (~> 0.1.4)
    capybara-webkit (0.12.1)
      capybara (>= 1.0.0, < 1.2)
      json
    cells (3.8.5)
      actionpack (~> 3.0)
      railties (~> 3.0)
    childprocess (0.3.2)
      ffi (~> 1.0.6)
    coderay (1.0.6)
    coffee-rails (3.2.2)
      coffee-script (>= 2.2.0)
      railties (~> 3.2.0)
    coffee-script (2.2.0)
      coffee-script-source
      execjs
    coffee-script-source (1.3.3)
    color (1.4.1)
    colored (1.2)
    crack (0.3.1)
    curb (0.8.0)
    daemons (1.1.8)
    diff-lcs (1.1.3)
    dimensions (1.2.0)
    dimensions-rails (1.0.1)
      actionpack (~> 3.0)
      activesupport (~> 3.0)
      dimensions
      railties (~> 3.0)
    draper (0.14.0)
      actionpack (~> 3.2)
      activesupport (~> 3.2)
    dynamic_sitemaps (1.0.7)
    em-websocket (0.3.6)
      addressable (>= 2.1.1)
      eventmachine (>= 0.12.9)
    erubis (2.7.0)
    eventmachine (0.12.10)
    excon (0.14.0)
    execjs (1.4.0)
      multi_json (~> 1.0)
    factory_girl (3.4.0)
      activesupport (>= 3.0.0)
    factory_girl_rails (3.4.0)
      factory_girl (~> 3.4.0)
      railties (>= 3.0.0)
    faraday (0.8.1)
      multipart-post (~> 1.1)
    fast-stemmer (1.0.1)
    fastercsv (1.5.5)
    feedzirra (0.0.24)
      activesupport (>= 2.3.8)
      builder (>= 2.1.2)
      curb (>= 0.2.3)
      loofah (>= 0.3.1)
      nokogiri (> 0.0.0)
      sax-machine (>= 0.0.12)
    ffi (1.0.11)
    foreman (0.47.0)
      thor (>= 0.13.6)
    google-spreadsheet-ruby (0.2.1)
      nokogiri (>= 1.4.4, != 1.5.2, != 1.5.1)
      oauth (>= 0.3.6)
      oauth2 (>= 0.5.0)
    growl (1.0.3)
    guard (1.1.1)
      listen (>= 0.4.2)
      thor (>= 0.14.6)
    guard-bundler (0.1.3)
      bundler (>= 1.0.0)
      guard (>= 0.2.2)
    guard-livereload (1.0.0)
      em-websocket (>= 0.2.0)
      guard (>= 1.1.0)
      multi_json (~> 1.0)
    guard-rspec (1.0.1)
      guard (>= 1.1)
    guard-spork (1.0.0)
      guard (>= 1.0.0)
      spork (>= 0.8.4)
    haml (3.1.6)
    haml-rails (0.3.4)
      actionpack (~> 3.0)
      activesupport (~> 3.0)
      haml (~> 3.0)
      railties (~> 3.0)
    has_scope (0.5.1)
    hashie (1.2.0)
    headless (0.3.1)
    heroku (2.27.1)
      heroku-api (~> 0.2.5)
      launchy (>= 0.3.2)
      netrc (~> 0.7.4)
      rest-client (~> 1.6.1)
      rubyzip
    heroku-api (0.2.5)
      excon (~> 0.14.0)
    heroku_san (3.0.2)
      activesupport
      heroku (>= 2)
      heroku-api (>= 0.1.2)
      rake
    high_voltage (1.1.1)
    highline (1.6.12)
    hike (1.2.1)
    hoe (3.0.6)
      rake (~> 0.8)
    httparty (0.8.3)
      multi_json (~> 1.0)
      multi_xml
    httpauth (0.1)
    i18n (0.6.0)
    inherited_resources (1.3.1)
      has_scope (~> 0.5.0)
      responders (~> 0.6)
    journey (1.0.4)
    jquery-rails (2.0.2)
      railties (>= 3.2.0, < 5.0)
      thor (~> 0.14)
    jquery-ui-rails (1.0.0)
      jquery-rails
      railties (>= 3.1.0)
    json (1.7.3)
    jwt (0.1.4)
      json (>= 1.2.4)
    kaminari (0.13.0)
      actionpack (>= 3.0.0)
      activesupport (>= 3.0.0)
      railties (>= 3.0.0)
    launchy (2.1.0)
      addressable (~> 2.2.6)
    libnotify (0.7.3)
    libwebsocket (0.1.3)
      addressable
    listen (0.4.5)
      rb-fchange (~> 0.0.5)
      rb-fsevent (~> 0.9.1)
      rb-inotify (~> 0.8.8)
    loofah (1.2.1)
      nokogiri (>= 1.4.4)
    mail (2.4.4)
      i18n (>= 0.4.0)
      mime-types (~> 1.16)
      treetop (~> 1.4.8)
    meta_search (1.1.3)
      actionpack (~> 3.1)
      activerecord (~> 3.1)
      activesupport (~> 3.1)
      polyamorous (~> 0.5.0)
    method_source (0.7.1)
    mime-types (1.19)
    mongo (1.6.2)
      bson (~> 1.6.2)
    mongoid (2.4.11)
      activemodel (~> 3.1)
      mongo (<= 1.6.2)
      tzinfo (~> 0.3.22)
    mongoid_slug (0.10.0)
      mongoid (~> 2.0)
      stringex (~> 1.3)
    multi_json (1.3.6)
    multi_xml (0.5.1)
    multipart-post (1.1.5)
    netrc (0.7.4)
    newrelic_rpm (3.4.0)
    nokogiri (1.5.4)
    oauth (0.4.6)
    oauth2 (0.8.0)
      faraday (~> 0.8)
      httpauth (~> 0.1)
      jwt (~> 0.1.4)
      multi_json (~> 1.0)
      rack (~> 1.2)
    omniauth (1.1.0)
      hashie (~> 1.2)
      rack
    omniauth-oauth2 (1.1.0)
      oauth2 (~> 0.8.0)
      omniauth (~> 1.0)
    paper_trail (2.6.3)
      activerecord (~> 3.0)
      railties (~> 3.0)
    pdf-writer (1.1.8)
      color (>= 1.4.0)
      transaction-simple (~> 1.3)
    pg (0.13.2)
    pinch (0.3.0)
    polyamorous (0.5.0)
      activerecord (~> 3.0)
    polyglot (0.3.3)
    progressbar (0.11.0)
    pry (0.9.9.6)
      coderay (~> 1.0.5)
      method_source (~> 0.7.1)
      slop (>= 2.4.4, < 3)
    rack (1.4.1)
    rack-cache (1.2)
      rack (>= 0.4)
    rack-environmental (1.2.0)
      rack-plastic (>= 0.1.1)
    rack-plastic (0.1.3)
      nokogiri (~> 1.4)
      rack (~> 1.0)
    rack-ssl (1.3.2)
      rack
    rack-test (0.6.1)
      rack (>= 1.0)
    rails (3.2.6)
      actionmailer (= 3.2.6)
      actionpack (= 3.2.6)
      activerecord (= 3.2.6)
      activeresource (= 3.2.6)
      activesupport (= 3.2.6)
      bundler (~> 1.0)
      railties (= 3.2.6)
    rails-footnotes (3.7.8)
      rails (>= 3.0.0)
    rails_best_practices (1.9.1)
      activesupport
      awesome_print
      colored
      erubis
      i18n
      progressbar
      sexp_processor
    railties (3.2.6)
      actionpack (= 3.2.6)
      activesupport (= 3.2.6)
      rack-ssl (~> 1.3.2)
      rake (>= 0.8.7)
      rdoc (~> 3.4)
      thor (>= 0.14.6, < 2.0)
    rake (0.9.2.2)
    rb-fchange (0.0.5)
      ffi
    rb-fsevent (0.9.1)
    rb-inotify (0.8.8)
      ffi (>= 0.5.0)
    rdoc (3.12)
      json (~> 1.4)
    redis (3.0.1)
    responders (0.9.1)
      railties (~> 3.1)
    rest-client (1.6.7)
      mime-types (>= 1.16)
    rspec (2.10.0)
      rspec-core (~> 2.10.0)
      rspec-expectations (~> 2.10.0)
      rspec-mocks (~> 2.10.0)
    rspec-cells (0.1.2)
      cells (~> 3.4)
      rails (~> 3.0)
      rspec-rails (~> 2.2)
    rspec-core (2.10.1)
    rspec-expectations (2.10.0)
      diff-lcs (~> 1.1.3)
    rspec-mocks (2.10.1)
    rspec-rails (2.10.1)
      actionpack (>= 3.0)
      activesupport (>= 3.0)
      railties (>= 3.0)
      rspec (~> 2.10.0)
    ruby2ruby (1.2.2)
      ParseTree (~> 3.0)
    rubyzip (0.9.8)
    ruport (1.6.3)
      fastercsv
      pdf-writer (= 1.1.8)
    sass (3.1.19)
    sass-rails (3.2.5)
      railties (~> 3.2.0)
      sass (>= 3.1.10)
      tilt (~> 1.3)
    sax-machine (0.1.0)
      nokogiri (> 0.0.0)
    selenium-webdriver (2.22.2)
      childprocess (>= 0.2.5)
      ffi (~> 1.0)
      libwebsocket (~> 0.1.3)
      multi_json (~> 1.0)
      rubyzip
    sexp_processor (4.0.0)
    shoulda-matchers (1.2.0)
      activesupport (>= 3.0.0)
    simple-navigation (3.7.0)
      activesupport (>= 2.3.2)
    simplecov (0.6.4)
      multi_json (~> 1.0)
      simplecov-html (~> 0.5.3)
    simplecov-html (0.5.3)
    slop (2.4.4)
    spork (0.9.2)
    sprockets (2.1.3)
      hike (~> 1.2)
      rack (~> 1.0)
      tilt (~> 1.1, != 1.3.0)
    statsd-ruby (0.3.0)
    stringex (1.4.0)
    tddium (1.4.9)
      highline
      json
      launchy
      tddium_client (~> 0.2.0)
      thor
    tddium_client (0.2.0)
      httparty (>= 0.8.1)
      json
    thin (1.3.1)
      daemons (>= 1.0.9)
      eventmachine (>= 0.12.6)
      rack (>= 1.0.0)
    thor (0.15.4)
    tilt (1.3.3)
    timecop (0.3.5)
    transaction-simple (1.4.0)
      hoe (>= 1.1.7)
    treetop (1.4.10)
      polyglot
      polyglot (>= 0.3.1)
    tzinfo (0.3.33)
    uglifier (1.2.4)
      execjs (>= 0.3.0)
      multi_json (>= 1.0.2)
    vcr (2.2.1)
    webmock (1.8.7)
      addressable (>= 2.2.7)
      crack (>= 0.1.7)
    xpath (0.1.4)
      nokogiri (~> 1.3)

PLATFORMS
  ruby

DEPENDENCIES
  active_attr!
  airbrake
  bourbon
  brakeman
  cancan
  capybara
  capybara-webkit
  cells
  coffee-rails
  data_provider!
  dimensions-rails
  draper
  dynamic_sitemaps
  factory_girl_rails
  foreman
  growl
  guard
  guard-bundler
  guard-livereload
  guard-rspec
  guard-spork
  haml-rails
  headless
  heroku
  heroku_san
  high_voltage
  inherited_resources
  jquery-datatables-rails!
  jquery-rails
  jquery-ui-rails
  kaminari
  libnotify
  meta_search
  mongoid
  mongoid_search!
  nested_form!
  newrelic_rpm
  omniauth_single_signon!
  paper_trail
  personal_financial_tools!
  pg
  pry
  rack-environmental
  rails (= 3.2.6)
  rails-footnotes (>= 3.7.5.rc4)
  rails_best_practices
  rb-fsevent
  rb-inotify
  rspec
  rspec-cells
  rspec-rails
  sass-rails
  sheet_mapper!
  shoulda-matchers
  simple-navigation
  simple_form!
  simplecov
  spork
  tddium
  thin
  timecop
  uglifier
  vcr
  webmock
