GIT
  remote: git://github.com/FinGinie/bourbon.git
  revision: 10f978df88195c0f61fd49a6b4895c2b515b0710
  specs:
    bourbon (1.3.6)
      sass (>= 3.1)

GIT
  remote: git://github.com/LoonyBin/headless.git
  revision: 257e1b5bd3a0f7f82ba6a136fa76f2360a9fae30
  specs:
    headless (0.3.1)

GIT
  remote: git://github.com/TMaYaD/backbone-rails.git
  revision: 6183038baf660cee552840acb44a684f73da30b5
  specs:
    rails-backbone (0.6.0)
      coffee-script (~> 2.2.0)
      ejs (~> 1.0.0)
      railties (>= 3.1.0)

GIT
  remote: git://github.com/TMaYaD/nested_form.git
  revision: fc83f0c6dbe076ef6f61a9776c9c4cd06df7332e
  specs:
    nested_form (0.1.1)

GIT
  remote: git://github.com/jcasimir/draper.git
  revision: 43ce3e1895110eace75a57e47a0bdbadfe467af1
  specs:
    draper (0.11.1)
      activesupport (>= 2.3.10)

GIT
  remote: git://github.com/mauriciozaffari/mongoid_search.git
  revision: e493a9e5b8a0e5d7d989ff4be7693920822335c5
  specs:
    mongoid_search (0.2.7)
      bson_ext (>= 1.2)
      fast-stemmer (~> 1.0.0)
      mongoid (>= 2.0.0)

GIT
  remote: git://github.com/plataformatec/simple_form.git
  revision: 51f680a9a2233748669655d81c82f96bef775298
  specs:
    simple_form (2.0.2.dev)
      actionpack (~> 3.0)
      activemodel (~> 3.0)

GIT
  remote: git://github.com/rweng/jquery-datatables-rails.git
  revision: dfe4d39c10b485828809cc75443232fbb16c3149
  specs:
    jquery-datatables-rails (1.9.1.3)
      jquery-rails

PATH
  remote: engines/content
  specs:
    jekyll_pipeline (0.0.1)
      jekyll
      rails (~> 3.2.3)

PATH
  remote: engines/data_provider
  specs:
    data_provider (0.0.1)
      active_attr
      bson_ext
      mongoid
      mongoid_search
      nokogiri
      pinch
      redis
      simple-rss
      statsd-ruby

PATH
  remote: engines/personal_financial_tools
  specs:
    personal_financial_tools (0.0.1)
      active_attr
      haml-rails
      nested_form
      rails (~> 3.2.3)
      simple_form

GEM
  remote: http://rubygems.org/
  specs:
    actionmailer (3.2.3)
      actionpack (= 3.2.3)
      mail (~> 2.4.4)
    actionpack (3.2.3)
      activemodel (= 3.2.3)
      activesupport (= 3.2.3)
      builder (~> 3.0.0)
      erubis (~> 2.7.0)
      journey (~> 1.0.1)
      rack (~> 1.4.0)
      rack-cache (~> 1.2)
      rack-test (~> 0.6.1)
      sprockets (~> 2.1.2)
    active_attr (0.5.1)
      activemodel (>= 3.0.2, < 4.1)
      activesupport (>= 3.0.2, < 4.1)
    activemodel (3.2.3)
      activesupport (= 3.2.3)
      builder (~> 3.0.0)
    activerecord (3.2.3)
      activemodel (= 3.2.3)
      activesupport (= 3.2.3)
      arel (~> 3.0.2)
      tzinfo (~> 0.3.29)
    activeresource (3.2.3)
      activemodel (= 3.2.3)
      activesupport (= 3.2.3)
    activesupport (3.2.3)
      i18n (~> 0.6)
      multi_json (~> 1.0)
    addressable (2.2.7)
    airbrake (3.1.1)
      activesupport
      builder
    albino (1.3.3)
      posix-spawn (>= 0.3.6)
    arel (3.0.2)
    bson (1.6.1)
    bson_ext (1.6.1)
      bson (~> 1.6.1)
    builder (3.0.0)
    cancan (1.6.7)
    capybara (1.1.2)
      mime-types (>= 1.16)
      nokogiri (>= 1.3.3)
      rack (>= 1.0.0)
      rack-test (>= 0.5.4)
      selenium-webdriver (~> 2.0)
      xpath (~> 0.1.4)
    capybara-webkit (0.11.0)
      capybara (>= 1.0.0, < 1.2)
      json
    cells (3.8.5)
      actionpack (~> 3.0)
      railties (~> 3.0)
    childprocess (0.3.1)
      ffi (~> 1.0.6)
    classifier (1.3.3)
      fast-stemmer (>= 1.0.0)
    coderay (1.0.5)
    coffee-rails (3.2.2)
      coffee-script (>= 2.2.0)
      railties (~> 3.2.0)
    coffee-script (2.2.0)
      coffee-script-source
      execjs
    coffee-script-source (1.2.0)
    colored (1.2)
    crack (0.3.1)
    daemons (1.1.8)
    diff-lcs (1.1.3)
    dimensions (1.2.0)
    dimensions-rails (1.0.1)
      actionpack (~> 3.0)
      activesupport (~> 3.0)
      dimensions
      railties (~> 3.0)
    directory_watcher (1.4.1)
    ejs (1.0.0)
    em-websocket (0.3.6)
      addressable (>= 2.1.1)
      eventmachine (>= 0.12.9)
    erubis (2.7.0)
    eventmachine (0.12.10)
    excon (0.13.4)
    execjs (1.3.0)
      multi_json (~> 1.0)
    factory_girl (3.3.0)
      activesupport (>= 3.0.0)
    factory_girl_rails (3.3.0)
      factory_girl (~> 3.3.0)
      railties (>= 3.0.0)
    faraday (0.7.6)
      addressable (~> 2.2)
      multipart-post (~> 1.1)
      rack (~> 1.1)
    fast-stemmer (1.0.0)
    ffi (1.0.11)
    foreman (0.41.0)
      thor (>= 0.13.6)
    google-spreadsheet-ruby (0.2.1)
      nokogiri (>= 1.4.4, != 1.5.2, != 1.5.1)
      oauth (>= 0.3.6)
      oauth2 (>= 0.5.0)
    growl (1.0.3)
    guard (1.0.1)
      ffi (>= 0.5.0)
      thor (~> 0.14.6)
    guard-bundler (0.1.3)
      bundler (>= 1.0.0)
      guard (>= 0.2.2)
    guard-livereload (0.4.2)
      em-websocket (>= 0.2.0)
      guard (>= 0.10.0)
      multi_json (~> 1.0)
    guard-rake (0.0.5)
      guard
      rake
    guard-rspec (0.7.0)
      guard (>= 0.10.0)
    guard-spork (0.5.2)
      guard (>= 0.10.0)
      spork (>= 0.8.4)
    haml (3.1.4)
    haml-rails (0.3.4)
      actionpack (~> 3.0)
      activesupport (~> 3.0)
      haml (~> 3.0)
      railties (~> 3.0)
    has_scope (0.5.1)
    hashie (1.2.0)
    heroku (2.23.0)
      launchy (>= 0.3.2)
      netrc (~> 0.7.1)
      rest-client (~> 1.6.1)
      rubyzip
    heroku-api (0.1.3)
      excon (~> 0.13.3)
    heroku_san (2.2.2)
      heroku (>= 2)
      heroku-api (>= 0.1.2)
      rake
    high_voltage (1.1.1)
    highline (1.6.11)
    hike (1.2.1)
    httparty (0.8.1)
      multi_json
      multi_xml
    i18n (0.6.0)
    inherited_resources (1.3.1)
      has_scope (~> 0.5.0)
      responders (~> 0.6)
    jekyll (0.11.2)
      albino (~> 1.3)
      classifier (~> 1.3)
      directory_watcher (~> 1.1)
      kramdown (~> 0.13)
      liquid (~> 2.3)
      maruku (~> 0.5)
    journey (1.0.3)
    jquery-rails (2.0.1)
      railties (>= 3.2.0, < 5.0)
      thor (~> 0.14)
    jquery-ui-rails (0.2.2)
      jquery-rails
      railties (>= 3.1.0)
    json (1.7.3)
    kaminari (0.13.0)
      actionpack (>= 3.0.0)
      activesupport (>= 3.0.0)
      railties (>= 3.0.0)
    kramdown (0.13.6)
    launchy (2.1.0)
      addressable (~> 2.2.6)
    libnotify (0.7.2)
    liquid (2.3.0)
    mail (2.4.4)
      i18n (>= 0.4.0)
      mime-types (~> 1.16)
      treetop (~> 1.4.8)
    maruku (0.6.0)
      syntax (>= 1.0.0)
    meta_search (1.1.3)
      actionpack (~> 3.1)
      activerecord (~> 3.1)
      activesupport (~> 3.1)
      polyamorous (~> 0.5.0)
    method_source (0.7.1)
    mime-types (1.18)
    mongo (1.6.1)
      bson (~> 1.6.1)
    mongoid (2.4.7)
      activemodel (~> 3.1)
      mongo (~> 1.3)
      tzinfo (~> 0.3.22)
    multi_json (1.3.6)
    multi_xml (0.4.2)
    multipart-post (1.1.5)
    netrc (0.7.1)
    nokogiri (1.4.7)
    oauth (0.4.6)
    oauth2 (0.5.2)
      faraday (~> 0.7)
      multi_json (~> 1.0)
    omniauth (1.0.3)
      hashie (~> 1.2)
      rack
    omniauth-facebook (1.2.0)
      omniauth-oauth2 (~> 1.0.0)
    omniauth-google-oauth2 (0.1.9)
      omniauth (~> 1.0)
      omniauth-oauth2
    omniauth-oauth2 (1.0.0)
      oauth2 (~> 0.5.0)
      omniauth (~> 1.0)
    paper_trail (2.6.3)
      activerecord (~> 3.0)
      railties (~> 3.0)
    pg (0.13.2)
    pinch (0.3.0)
    polyamorous (0.5.0)
      activerecord (~> 3.0)
    polyglot (0.3.3)
    posix-spawn (0.3.6)
    progressbar (0.10.0)
    pry (0.9.8.4)
      coderay (~> 1.0.5)
      method_source (~> 0.7.1)
      slop (>= 2.4.4, < 3)
    rack (1.4.1)
    rack-cache (1.2)
      rack (>= 0.4)
    rack-environmental (1.2.0)
      rack-plastic (>= 0.1.1)
    rack-plastic (0.1.3)
      nokogiri (~> 1.4)
      rack (~> 1.0)
    rack-ssl (1.3.2)
      rack
    rack-test (0.6.1)
      rack (>= 1.0)
    rails (3.2.3)
      actionmailer (= 3.2.3)
      actionpack (= 3.2.3)
      activerecord (= 3.2.3)
      activeresource (= 3.2.3)
      activesupport (= 3.2.3)
      bundler (~> 1.0)
      railties (= 3.2.3)
    rails-footnotes (3.7.8)
      rails (>= 3.0.0)
    rails_best_practices (1.9.0)
      activesupport
      colored
      erubis
      i18n
      progressbar
      sexp_processor
    railties (3.2.3)
      actionpack (= 3.2.3)
      activesupport (= 3.2.3)
      rack-ssl (~> 1.3.2)
      rake (>= 0.8.7)
      rdoc (~> 3.4)
      thor (~> 0.14.6)
    rake (0.9.2.2)
    rb-fsevent (0.9.0)
    rb-inotify (0.8.8)
      ffi (>= 0.5.0)
    rdoc (3.12)
      json (~> 1.4)
    redis (3.0.1)
    responders (0.9.1)
      railties (~> 3.1)
    rest-client (1.6.7)
      mime-types (>= 1.16)
    rspec (2.9.0)
      rspec-core (~> 2.9.0)
      rspec-expectations (~> 2.9.0)
      rspec-mocks (~> 2.9.0)
    rspec-cells (0.1.2)
      cells (~> 3.4)
      rails (~> 3.0)
      rspec-rails (~> 2.2)
    rspec-core (2.9.0)
    rspec-expectations (2.9.0)
      diff-lcs (~> 1.1.3)
    rspec-mocks (2.9.0)
    rspec-rails (2.9.0)
      actionpack (>= 3.0)
      activesupport (>= 3.0)
      railties (>= 3.0)
      rspec (~> 2.9.0)
    rubyzip (0.9.6.1)
    sass (3.1.15)
    sass-rails (3.2.5)
      railties (~> 3.2.0)
      sass (>= 3.1.10)
      tilt (~> 1.3)
    selenium-webdriver (2.20.0)
      childprocess (>= 0.2.5)
      ffi (~> 1.0)
      multi_json (~> 1.0)
      rubyzip
    sexp_processor (3.1.0)
    sheet_mapper (0.1.0)
      google-spreadsheet-ruby (~> 0.2.1)
    shoulda-matchers (1.0.0)
    simple-navigation (3.7.0)
      activesupport (>= 2.3.2)
    simple-rss (1.2.3)
    simplecov (0.6.1)
      multi_json (~> 1.0)
      simplecov-html (~> 0.5.3)
    simplecov-html (0.5.3)
    slop (2.4.4)
    spork (0.9.0)
    sprockets (2.1.3)
      hike (~> 1.2)
      rack (~> 1.0)
      tilt (~> 1.1, != 1.3.0)
    statsd-ruby (0.3.0)
    syntax (1.0.0)
    tddium (1.3.1)
      highline
      json
      launchy
      tddium_client (~> 0.2.0)
      thor
    tddium_client (0.2.0)
      httparty (>= 0.8.1)
      json
    thin (1.3.1)
      daemons (>= 1.0.9)
      eventmachine (>= 0.12.6)
      rack (>= 1.0.0)
    thor (0.14.6)
    tilt (1.3.3)
    timecop (0.3.5)
    treetop (1.4.10)
      polyglot
      polyglot (>= 0.3.1)
    tzinfo (0.3.32)
    uglifier (1.2.4)
      execjs (>= 0.3.0)
      multi_json (>= 1.0.2)
    vcr (2.1.1)
    webmock (1.8.7)
      addressable (>= 2.2.7)
      crack (>= 0.1.7)
    xpath (0.1.4)
      nokogiri (~> 1.3)

PLATFORMS
  ruby

DEPENDENCIES
  airbrake
  bourbon!
  cancan
  capybara
  capybara-webkit
  cells
  coffee-rails
  data_provider!
  dimensions-rails
  draper!
  factory_girl_rails
  foreman
  growl
  guard
  guard-bundler
  guard-livereload
  guard-rake
  guard-rspec
  guard-spork
  haml-rails
  headless!
  heroku
  heroku_san
  high_voltage
  inherited_resources
  jekyll_pipeline!
  jquery-datatables-rails!
  jquery-rails
  jquery-ui-rails
  kaminari
  libnotify
  meta_search
  mongoid
  mongoid_search!
  nested_form!
  omniauth-facebook
  omniauth-google-oauth2
  paper_trail
  personal_financial_tools!
  pg
  pry
  rack-environmental
  rails (= 3.2.3)
  rails-backbone!
  rails-footnotes (>= 3.7.5.rc4)
  rails_best_practices
  rb-fsevent
  rb-inotify
  rspec
  rspec-cells
  rspec-rails
  sass-rails
  sheet_mapper
  shoulda-matchers
  simple-navigation
  simple_form!
  simplecov
  spork
  tddium
  thin
  timecop
  uglifier
  vcr
  webmock
